NUGET
  remote: http://www.nuget.org/api/v2
  specs:
    FAKE (4.25.2)
